GEM
  remote: http://rubygems.org/
  specs:
    concurrent-ruby (1.1.5)
    facter (2.5.6)
    fast_gettext (1.8.0)
    hiera (3.6.0)
    hocon (1.3.0)
    httpclient (2.8.3)
    locale (2.1.2)
    multi_json (1.14.1)
    puppet (6.10.1)
      concurrent-ruby (~> 1.0)
      facter (> 2.0.1, < 4)
      fast_gettext (~> 1.1)
      hiera (>= 3.2.1, < 4)
      httpclient (~> 2.8)
      locale (~> 2.1)
      multi_json (~> 1.10)
      puppet-resource_api (~> 1.5)
      semantic_puppet (~> 1.0)
    puppet-lint (0.2.1)
    puppet-resource_api (1.8.7)
      hocon (>= 1.0)
    rake (0.8.7)
    semantic_puppet (1.0.2)

PLATFORMS
  ruby

DEPENDENCIES
  puppet (>= 4.10.1)
  puppet-lint
  rake

BUNDLED WITH
   1.17.3
